GEM
  remote: https://rubygems.org/
  specs:
    backports (3.11.3)
    couchrest (2.0.1)
      httpclient (~> 2.8)
      mime-types (>= 1.15)
      multi_json (~> 1.7)
    dotenv (2.5.0)
    haml (4.0.7)
      tilt
    httpclient (2.8.3)
    json (2.1.0)
    mime-types (3.1)
      mime-types-data (~> 3.2015)
    mime-types-data (3.2016.0521)
    multi_json (1.13.1)
    rack (1.6.4)
    rack-protection (1.5.3)
      rack
    rack-test (1.0.0)
      rack (>= 1.0, < 3)
    rails_12factor (0.0.3)
      rails_serve_static_assets
      rails_stdout_logging
    rails_serve_static_assets (0.0.5)
    rails_stdout_logging (0.0.5)
    sinatra (1.4.7)
      rack (~> 1.5)
      rack-protection (~> 1.4)
      tilt (>= 1.3, < 3)
    sinatra-config-file (1.0)
      sinatra-contrib
    sinatra-contrib (1.4.7)
      backports (>= 2.0)
      multi_json
      rack-protection
      rack-test
      sinatra (~> 1.4.0)
      tilt (>= 1.3, < 3)
    tilt (2.0.5)

PLATFORMS
  ruby

DEPENDENCIES
  couchrest
  dotenv
  haml
  json (~> 2.1.0)
  rack-test
  rails_12factor
  sinatra
  sinatra-config-file

RUBY VERSION
   ruby 2.4.1p111

BUNDLED WITH
   1.16.2
